GIT
  remote: https://github.com/stympy/faker.git
  revision: e315adf872f7bdb31d31addc82d326f61fad9f06
  branch: master
  specs:
    faker (1.9.1)
      i18n (>= 0.7)

GEM
  remote: https://rubygems.org/
  specs:
    actioncable (5.2.2)
      actionpack (= 5.2.2)
      nio4r (~> 2.0)
      websocket-driver (>= 0.6.1)
    actionmailer (5.2.2)
      actionpack (= 5.2.2)
      actionview (= 5.2.2)
      activejob (= 5.2.2)
      mail (~> 2.5, >= 2.5.4)
      rails-dom-testing (~> 2.0)
    actionpack (5.2.2)
      actionview (= 5.2.2)
      activesupport (= 5.2.2)
      rack (~> 2.0)
      rack-test (>= 0.6.3)
      rails-dom-testing (~> 2.0)
      rails-html-sanitizer (~> 1.0, >= 1.0.2)
    actionview (5.2.2)
      activesupport (= 5.2.2)
      builder (~> 3.1)
      erubi (~> 1.4)
      rails-dom-testing (~> 2.0)
      rails-html-sanitizer (~> 1.0, >= 1.0.3)
    active_model_serializers (0.10.8)
      actionpack (>= 4.1, < 6)
      activemodel (>= 4.1, < 6)
      case_transform (>= 0.2)
      jsonapi-renderer (>= 0.1.1.beta1, < 0.3)
    activejob (5.2.2)
      activesupport (= 5.2.2)
      globalid (>= 0.3.6)
    activemodel (5.2.2)
      activesupport (= 5.2.2)
    activerecord (5.2.2)
      activemodel (= 5.2.2)
      activesupport (= 5.2.2)
      arel (>= 9.0)
    activestorage (5.2.2)
      actionpack (= 5.2.2)
      activerecord (= 5.2.2)
      marcel (~> 0.3.1)
    activesupport (5.2.2)
      concurrent-ruby (~> 1.0, >= 1.0.2)
      i18n (>= 0.7, < 2)
      minitest (~> 5.1)
      tzinfo (~> 1.1)
    addressable (2.5.2)
      public_suffix (>= 2.0.2, < 4.0)
    api-pagination (4.8.2)
    arel (9.0.0)
    aws-eventstream (1.0.1)
    aws-partitions (1.121.0)
    aws-sdk-core (3.42.0)
      aws-eventstream (~> 1.0)
      aws-partitions (~> 1.0)
      aws-sigv4 (~> 1.0)
      jmespath (~> 1.0)
    aws-sdk-kms (1.13.0)
      aws-sdk-core (~> 3, >= 3.39.0)
      aws-sigv4 (~> 1.0)
    aws-sdk-s3 (1.29.0)
      aws-sdk-core (~> 3, >= 3.39.0)
      aws-sdk-kms (~> 1)
      aws-sigv4 (~> 1.0)
    aws-sigv4 (1.0.3)
    bootsnap (1.3.2)
      msgpack (~> 1.0)
    builder (3.2.3)
    byebug (10.0.2)
    case_transform (0.2)
      activesupport
    concurrent-ruby (1.1.4)
    connection_pool (2.2.2)
    crack (0.4.3)
      safe_yaml (~> 1.0.0)
    crass (1.0.4)
    database_cleaner (1.7.0)
    diff-lcs (1.3)
    erubi (1.8.0)
    faraday (0.15.4)
      multipart-post (>= 1.2, < 3)
    ffi (1.9.25)
    figaro (1.1.1)
      thor (~> 0.14)
    globalid (0.4.1)
      activesupport (>= 4.2.0)
    hashdiff (0.3.8)
    i18n (1.4.0)
      concurrent-ruby (~> 1.0)
    jmespath (1.4.0)
    jsonapi-renderer (0.2.0)
    kaminari (1.1.1)
      activesupport (>= 4.1.0)
      kaminari-actionview (= 1.1.1)
      kaminari-activerecord (= 1.1.1)
      kaminari-core (= 1.1.1)
    kaminari-actionview (1.1.1)
      actionview
      kaminari-core (= 1.1.1)
    kaminari-activerecord (1.1.1)
      activerecord
      kaminari-core (= 1.1.1)
    kaminari-core (1.1.1)
    listen (3.1.5)
      rb-fsevent (~> 0.9, >= 0.9.4)
      rb-inotify (~> 0.9, >= 0.9.7)
      ruby_dep (~> 1.2)
    loofah (2.2.3)
      crass (~> 1.0.2)
      nokogiri (>= 1.5.9)
    mail (2.7.1)
      mini_mime (>= 0.1.1)
    marcel (0.3.3)
      mimemagic (~> 0.3.2)
    method_source (0.9.2)
    mimemagic (0.3.3)
    mini_mime (1.0.1)
    mini_portile2 (2.4.0)
    minitest (5.11.3)
    msgpack (1.2.4)
    multipart-post (2.0.0)
    nio4r (2.3.1)
    nokogiri (1.10.0)
      mini_portile2 (~> 2.4.0)
    pg (1.1.3)
    public_suffix (3.0.3)
    puma (3.12.0)
    rack (2.0.6)
    rack-protection (2.0.4)
      rack
    rack-test (1.1.0)
      rack (>= 1.0, < 3)
    rails (5.2.2)
      actioncable (= 5.2.2)
      actionmailer (= 5.2.2)
      actionpack (= 5.2.2)
      actionview (= 5.2.2)
      activejob (= 5.2.2)
      activemodel (= 5.2.2)
      activerecord (= 5.2.2)
      activestorage (= 5.2.2)
      activesupport (= 5.2.2)
      bundler (>= 1.3.0)
      railties (= 5.2.2)
      sprockets-rails (>= 2.0.0)
    rails-controller-testing (1.0.4)
      actionpack (>= 5.0.1.x)
      actionview (>= 5.0.1.x)
      activesupport (>= 5.0.1.x)
    rails-dom-testing (2.0.3)
      activesupport (>= 4.2.0)
      nokogiri (>= 1.6)
    rails-html-sanitizer (1.0.4)
      loofah (~> 2.2, >= 2.2.2)
    railties (5.2.2)
      actionpack (= 5.2.2)
      activesupport (= 5.2.2)
      method_source
      rake (>= 0.8.7)
      thor (>= 0.19.0, < 2.0)
    rake (12.3.2)
    rb-fsevent (0.10.3)
    rb-inotify (0.10.0)
      ffi (~> 1.0)
    redis (4.1.0)
    rspec-core (3.8.0)
      rspec-support (~> 3.8.0)
    rspec-expectations (3.8.2)
      diff-lcs (>= 1.2.0, < 2.0)
      rspec-support (~> 3.8.0)
    rspec-mocks (3.8.0)
      diff-lcs (>= 1.2.0, < 2.0)
      rspec-support (~> 3.8.0)
    rspec-rails (3.8.1)
      actionpack (>= 3.0)
      activesupport (>= 3.0)
      railties (>= 3.0)
      rspec-core (~> 3.8.0)
      rspec-expectations (~> 3.8.0)
      rspec-mocks (~> 3.8.0)
      rspec-support (~> 3.8.0)
    rspec-support (3.8.0)
    ruby_dep (1.5.0)
    safe_yaml (1.0.4)
    shoulda-matchers (4.0.0.rc1)
      activesupport (>= 4.2.0)
    sidekiq (5.2.3)
      connection_pool (~> 2.2, >= 2.2.2)
      rack-protection (>= 1.5.0)
      redis (>= 3.3.5, < 5)
    spring (2.0.2)
      activesupport (>= 4.2)
    spring-watcher-listen (2.0.1)
      listen (>= 2.7, < 4.0)
      spring (>= 1.2, < 3.0)
    sprockets (3.7.2)
      concurrent-ruby (~> 1.0)
      rack (> 1, < 3)
    sprockets-rails (3.2.1)
      actionpack (>= 4.0)
      activesupport (>= 4.0)
      sprockets (>= 3.0.0)
    thor (0.20.3)
    thread_safe (0.3.6)
    tzinfo (1.2.5)
      thread_safe (~> 0.1)
    vcr (4.0.0)
    webmock (3.5.1)
      addressable (>= 2.3.6)
      crack (>= 0.3.2)
      hashdiff
    websocket-driver (0.7.0)
      websocket-extensions (>= 0.1.0)
    websocket-extensions (0.1.3)

PLATFORMS
  ruby

DEPENDENCIES
  active_model_serializers
  api-pagination
  aws-sdk-s3
  bootsnap (>= 1.1.0)
  byebug
  database_cleaner
  faker!
  faraday
  figaro
  kaminari
  listen (>= 3.0.5, < 3.2)
  pg (>= 0.18, < 2.0)
  puma (~> 3.11)
  rails (~> 5.2.2)
  rails-controller-testing
  redis
  rspec-rails
  shoulda-matchers (= 4.0.0.rc1)
  sidekiq
  spring
  spring-watcher-listen (~> 2.0.0)
  tzinfo-data
  vcr
  webmock

RUBY VERSION
   ruby 2.4.1p111

BUNDLED WITH
   1.16.1
